GEM
  remote: http://ruby.taobao.org/
  specs:
    activemodel (3.2.12)
      activesupport (= 3.2.12)
      builder (~> 3.0.0)
    activerecord (3.2.12)
      activemodel (= 3.2.12)
      activesupport (= 3.2.12)
      arel (~> 3.0.2)
      tzinfo (~> 0.3.29)
    activesupport (3.2.12)
      i18n (~> 0.6)
      multi_json (~> 1.0)
    ansi (1.4.3)
    arel (3.0.2)
    bcrypt-ruby (3.0.1)
    builder (3.0.4)
    capistrano (2.15.4)
      highline
      net-scp (>= 1.0.0)
      net-sftp (>= 2.0.0)
      net-ssh (>= 2.0.14)
      net-ssh-gateway (>= 1.1.0)
    carrierwave (0.8.0)
      activemodel (>= 3.2.0)
      activesupport (>= 3.2.0)
    daemons (1.1.9)
    erubis (2.7.0)
    eventmachine (1.0.3)
    hashr (0.0.22)
    highline (1.6.19)
    http_router (0.11.0)
      rack (>= 1.0.0)
      url_mount (~> 0.2.1)
    i18n (0.6.4)
    kgio (2.8.0)
    mail (2.5.4)
      mime-types (~> 1.16)
      treetop (~> 1.4.8)
    mime-types (1.23)
    mini_magick (3.6.0)
      subexec (~> 0.2.1)
    mini_portile (0.5.0)
    multi_json (1.7.4)
    mysql2 (0.3.11)
    net-scp (1.1.1)
      net-ssh (>= 2.6.5)
    net-sftp (2.1.2)
      net-ssh (>= 2.6.5)
    net-ssh (2.6.7)
    net-ssh-gateway (1.2.0)
      net-ssh (>= 2.6.5)
    nokogiri (1.6.0)
      mini_portile (~> 0.5.0)
    padrino (0.11.2)
      padrino-admin (= 0.11.2)
      padrino-cache (= 0.11.2)
      padrino-core (= 0.11.2)
      padrino-gen (= 0.11.2)
      padrino-helpers (= 0.11.2)
      padrino-mailer (= 0.11.2)
    padrino-admin (0.11.2)
      padrino-core (= 0.11.2)
      padrino-helpers (= 0.11.2)
    padrino-cache (0.11.2)
      padrino-core (= 0.11.2)
      padrino-helpers (= 0.11.2)
    padrino-core (0.11.2)
      activesupport (>= 3.1.0)
      http_router (~> 0.11.0)
      rack-protection (>= 1.5.0)
      sinatra (~> 1.4.2)
      thor (~> 0.17.0)
      tilt (~> 1.3.7)
    padrino-gen (0.11.2)
      bundler (~> 1.0)
      padrino-core (= 0.11.2)
    padrino-helpers (0.11.2)
      i18n (~> 0.6)
      padrino-core (= 0.11.2)
    padrino-mailer (0.11.2)
      mail (~> 2.5.3)
      padrino-core (= 0.11.2)
    polyglot (0.3.3)
    rack (1.5.2)
    rack-protection (1.5.0)
      rack
    rainbows (4.5.0)
      kgio (~> 2.5)
      rack (~> 1.1)
      unicorn (~> 4.6, >= 4.6.2)
    raindrops (0.11.0)
    rake (10.0.4)
    rest-client (1.6.7)
      mime-types (>= 1.16)
    rvm-capistrano (1.3.4)
      capistrano (>= 2.0.0)
    sinatra (1.4.2)
      rack (~> 1.5, >= 1.5.2)
      rack-protection (~> 1.4)
      tilt (~> 1.3, >= 1.3.4)
    subexec (0.2.3)
    thin (1.5.1)
      daemons (>= 1.0.9)
      eventmachine (>= 0.12.6)
      rack (>= 1.0.0)
    thor (0.17.0)
    tilt (1.3.7)
    tire (0.6.0)
      activemodel (>= 3.0)
      activesupport
      ansi
      hashr (~> 0.0.19)
      multi_json (~> 1.3)
      rake
      rest-client (~> 1.6)
    treetop (1.4.12)
      polyglot
      polyglot (>= 0.3.1)
    tzinfo (0.3.37)
    unicorn (4.6.2)
      kgio (~> 2.6)
      rack
      raindrops (~> 0.7)
    url_mount (0.2.1)
      rack

PLATFORMS
  ruby

DEPENDENCIES
  activerecord (>= 3.1)
  bcrypt-ruby
  capistrano (~> 2.15.0)
  carrierwave
  erubis (~> 2.7.0)
  mini_magick
  mysql2
  nokogiri
  padrino (~> 0.11)
  rainbows
  rake
  rest-client
  rvm-capistrano
  thin
  tire
